GIT
  remote: git://github.com/yannski/rails-ckeditor.git
  revision: d248d8aa569c38614f74f2943222f382fc1de6bd
  branch: rails3
  specs:
    ckeditor (3.5.2)
      mime-types (>= 1.16)

GEM
  remote: http://rubygems.org/
  specs:
    Ascii85 (1.0.1)
    RedCloth (4.2.8)
    SystemTimer (1.2.3)
    abstract (1.0.0)
    actionmailer (3.0.4)
      actionpack (= 3.0.4)
      mail (~> 2.2.15)
    actionpack (3.0.4)
      activemodel (= 3.0.4)
      activesupport (= 3.0.4)
      builder (~> 2.1.2)
      erubis (~> 2.6.6)
      i18n (~> 0.4)
      rack (~> 1.2.1)
      rack-mount (~> 0.6.13)
      rack-test (~> 0.5.7)
      tzinfo (~> 0.3.23)
    activemodel (3.0.4)
      activesupport (= 3.0.4)
      builder (~> 2.1.2)
      i18n (~> 0.4)
    activerecord (3.0.4)
      activemodel (= 3.0.4)
      activesupport (= 3.0.4)
      arel (~> 2.0.2)
      tzinfo (~> 0.3.23)
    activeresource (3.0.4)
      activemodel (= 3.0.4)
      activesupport (= 3.0.4)
    activesupport (3.0.4)
    airbrake (3.0.4)
      activesupport
      builder
    arel (2.0.10)
    bcrypt-ruby (2.1.4)
    bcrypt-ruby (2.1.4-x86-mingw32)
    bson (1.3.1)
    bson_ext (1.3.1)
    builder (2.1.2)
    cgi_multipart_eof_fix (2.5.0)
    chronic (0.6.3)
    columnize (0.3.2)
    daemons (1.1.0)
    devise (1.1.5)
      bcrypt-ruby (~> 2.1.2)
      warden (~> 1.0.2)
    diff-lcs (1.1.2)
    dynamic_form (1.1.3)
    erubis (2.6.6)
      abstract (>= 1.0.0)
    factory_girl (1.3.3)
    factory_girl_rails (1.0)
      factory_girl (~> 1.3)
      rails (>= 3.0.0.beta4)
    fastthread (1.0.7)
    gem_plugin (0.2.3)
    haml (3.0.25)
    hpricot (0.8.3)
    i18n (0.6.0)
    jonathantron-paypal (3.0.0pre4)
      rack (>= 1.0.0)
    json (1.5.1)
    linecache (0.43)
    mail (2.2.15)
      activesupport (>= 2.3.6)
      i18n (>= 0.4.0)
      mime-types (~> 1.16)
      treetop (~> 1.4.8)
    mime-types (1.16)
    mongo (1.3.1)
      bson (>= 1.3.1)
    mongoid (2.0.1)
      activemodel (~> 3.0)
      mongo (~> 1.3)
      tzinfo (~> 0.3.22)
      will_paginate (~> 3.0.pre)
    mongoid-paperclip (0.0.4)
      paperclip (~> 2.3.6)
    mongoid_session_store (1.1.1)
      actionpack (~> 3.0.0)
      actionpack (~> 3.0.0)
      activemodel (~> 3.0.0)
      activemodel (~> 3.0.0)
      mongoid (~> 2.0.0.pre)
      mongoid (~> 2.0.0.pre)
    mongoid_slug (0.6.2)
      mongoid (~> 2.0.0.rc.7)
      stringex (~> 1.2.0)
    mongrel (1.1.5)
      cgi_multipart_eof_fix (>= 2.4)
      daemons (>= 1.0.3)
      fastthread (>= 1.0.1)
      gem_plugin (>= 0.2.3)
    mongrel (1.1.5-x86-mingw32)
      cgi_multipart_eof_fix (>= 2.4)
      gem_plugin (>= 0.2.3)
    net-sftp (2.0.5)
      net-ssh (>= 2.0.9)
    net-ssh (2.1.0)
    paperclip (2.3.6)
      activerecord
      activesupport
    pdf-reader (0.10.1)
      Ascii85 (~> 1.0.0)
    polyglot (0.3.1)
    rack (1.2.1)
    rack-mount (0.6.13)
      rack (>= 1.0.0)
    rack-raw-upload (0.1.1)
      json
    rack-test (0.5.7)
      rack (>= 1.0)
    rails (3.0.4)
      actionmailer (= 3.0.4)
      actionpack (= 3.0.4)
      activerecord (= 3.0.4)
      activeresource (= 3.0.4)
      activesupport (= 3.0.4)
      bundler (~> 1.0)
      railties (= 3.0.4)
    railties (3.0.4)
      actionpack (= 3.0.4)
      activesupport (= 3.0.4)
      rake (>= 0.8.7)
      thor (~> 0.14.4)
    rake (0.8.7)
    rcov (0.9.8)
    rmagick (2.13.1)
    rspec (2.0.0.beta.20)
      rspec-core (= 2.0.0.beta.20)
      rspec-expectations (= 2.0.0.beta.20)
      rspec-mocks (= 2.0.0.beta.20)
    rspec-core (2.0.0.beta.20)
    rspec-expectations (2.0.0.beta.20)
      diff-lcs (>= 1.1.2)
    rspec-mocks (2.0.0.beta.20)
    rspec-rails (2.0.0.beta.20)
      rspec (= 2.0.0.beta.20)
    ruby-debug (0.10.4)
      columnize (>= 0.1)
      ruby-debug-base (~> 0.10.4.0)
    ruby-debug-base (0.10.4)
      linecache (>= 0.3)
    state_machine (0.9.4)
    stringex (1.2.0)
    thor (0.14.6)
    transitions (0.0.9)
    treetop (1.4.9)
      polyglot (>= 0.3.1)
    tzinfo (0.3.29)
    warden (1.0.3)
      rack (>= 1.0.0)
    whenever (0.7.0)
      activesupport (>= 2.3.4)
      chronic (~> 0.6.3)
    will_paginate (3.0.pre2)

PLATFORMS
  ruby
  x86-mingw32

DEPENDENCIES
  RedCloth
  SystemTimer
  airbrake
  bson_ext (~> 1.3.1)
  ckeditor!
  daemons
  devise
  dynamic_form
  factory_girl_rails (= 1.0)
  haml
  hpricot
  jonathantron-paypal
  mongoid (= 2.0.1)
  mongoid-paperclip (= 0.0.4)
  mongoid_session_store
  mongoid_slug
  mongrel
  net-sftp
  paperclip (= 2.3.6)
  pdf-reader
  rack-raw-upload
  rails (= 3.0.4)
  rcov (= 0.9.8)
  rmagick
  rspec-rails (= 2.0.0.beta.20)
  ruby-debug
  state_machine
  transitions
  whenever
  will_paginate (= 3.0.pre2)
